GEM
  remote: https://rubygems.org/
  specs:
    diff-lcs (1.2.4)
    facter (1.6.18)
    hiera (1.2.1)
      json_pure
    highline (1.6.21)
    json (1.8.1)
    json_pure (1.8.0)
    librarian (0.1.2)
      highline
      thor (~> 0.15)
    librarian-puppet (0.9.13)
      json
      librarian (>= 0.1.2)
      open3_backport
    metaclass (0.0.1)
    mocha (0.14.0)
      metaclass (~> 0.0.1)
    open3_backport (0.0.3)
      open4 (~> 1.3.0)
    open4 (1.3.3)
    puppet (3.1.1)
      facter (~> 1.6)
      hiera (~> 1.0)
    puppet-lint (0.3.2)
    puppet-syntax (0.0.4)
      puppet (>= 2.7.0)
      rake
    puppetlabs_spec_helper (0.4.1)
      mocha (>= 0.10.5)
      rake
      rspec (>= 2.9.0)
      rspec-puppet (>= 0.1.1)
    rake (10.0.4)
    rspec (2.13.0)
      rspec-core (~> 2.13.0)
      rspec-expectations (~> 2.13.0)
      rspec-mocks (~> 2.13.0)
    rspec-core (2.13.1)
    rspec-expectations (2.13.0)
      diff-lcs (>= 1.1.3, < 2.0)
    rspec-mocks (2.13.1)
    rspec-puppet (0.1.6)
      rspec
    thor (0.18.1)

PLATFORMS
  ruby

DEPENDENCIES
  facter (~> 1.6.0)
  librarian-puppet
  puppet (~> 3.1.0)
  puppet-lint (~> 0.3.0)
  puppet-syntax
  puppetlabs_spec_helper (~> 0.4.0)
  rake
  rspec-puppet (~> 0.1.0)
