GIT
  remote: git://github.com/alphagov/vcloud-tools.git
  revision: 2ed668bdc8aa6387d3c1f1e70b5aea1576a8a7f4
  specs:
    vcloud-tools (0.7.0)
      bundler
      hashdiff
      methadone
      vcloud-core (>= 0.0.10)

GEM
  remote: https://rubygems.org/
  specs:
    builder (3.2.2)
    diff-lcs (1.2.4)
    excon (0.32.1)
    facter (1.6.18)
    fog (1.21.0)
      fog-brightbox
      fog-core (~> 1.21, >= 1.21.1)
      fog-json
      nokogiri (~> 1.5, >= 1.5.11)
    fog-brightbox (0.0.1)
      fog-core
      fog-json
    fog-core (1.21.1)
      builder
      excon (~> 0.32)
      formatador (~> 0.2.0)
      mime-types
      net-scp (~> 1.1)
      net-ssh (>= 2.1.3)
    fog-json (1.0.0)
      multi_json (~> 1.0)
    formatador (0.2.4)
    hashdiff (0.1.1)
    hiera (1.2.1)
      json_pure
    highline (1.6.21)
    json (1.8.1)
    json_pure (1.8.0)
    librarian (0.1.2)
      highline
      thor (~> 0.15)
    librarian-puppet (0.9.13)
      json
      librarian (>= 0.1.2)
      open3_backport
    metaclass (0.0.1)
    methadone (1.3.2)
      bundler
    mime-types (2.2)
    mini_portile (0.5.3)
    mocha (0.14.0)
      metaclass (~> 0.0.1)
    multi_json (1.9.2)
    net-scp (1.1.2)
      net-ssh (>= 2.6.5)
    net-ssh (2.8.0)
    nokogiri (1.6.1)
      mini_portile (~> 0.5.0)
    open3_backport (0.0.3)
      open4 (~> 1.3.0)
    open4 (1.3.3)
    puppet (3.1.1)
      facter (~> 1.6)
      hiera (~> 1.0)
    puppet-lint (0.3.2)
    puppet-syntax (0.0.4)
      puppet (>= 2.7.0)
      rake
    puppetlabs_spec_helper (0.4.1)
      mocha (>= 0.10.5)
      rake
      rspec (>= 2.9.0)
      rspec-puppet (>= 0.1.1)
    rake (10.0.4)
    rspec (2.13.0)
      rspec-core (~> 2.13.0)
      rspec-expectations (~> 2.13.0)
      rspec-mocks (~> 2.13.0)
    rspec-core (2.13.1)
    rspec-expectations (2.13.0)
      diff-lcs (>= 1.1.3, < 2.0)
    rspec-mocks (2.13.1)
    rspec-puppet (0.1.6)
      rspec
    thor (0.18.1)
    vcloud-core (0.0.10)
      fog (>= 1.19.0)
      methadone
    vcloud-edge_gateway (0.2.2)
      fog (>= 1.19.0)
      hashdiff
      vcloud-core (>= 0.0.6)
    vcloud-walker (3.1.2)
      fog (>= 1.19.0)
      json (~> 1.8.0)
      methadone
      vcloud-core (>= 0.0.5)

PLATFORMS
  ruby

DEPENDENCIES
  facter (~> 1.6.0)
  librarian-puppet
  puppet (~> 3.1.0)
  puppet-lint (~> 0.3.0)
  puppet-syntax
  puppetlabs_spec_helper (~> 0.4.0)
  rake
  rspec-puppet (~> 0.1.0)
  vcloud-core
  vcloud-edge_gateway
  vcloud-tools!
  vcloud-walker
